PATH
  remote: .
  specs:
    estorm_lotto_gem (1.4.5)
      estorm_lotto_tools
      httpclient (>= 2.3)
      multi_json (>= 1.9)
      pi_piper
      thor (>= 0.19)

GEM
  remote: https://rubygems.org/
  remote: https://n6ojjVsAxpecp7UjaAzD@gem.fury.io/semdinsp/
  specs:
    bcrypt (3.1.7)
    codeclimate-test-reporter (0.3.0)
      simplecov (>= 0.7.1, < 1.0.0)
    docile (1.1.3)
    estorm_lotto_tools (0.1.7)
      parseconfig
      thor
    ffi (1.9.3)
    httpclient (2.4.0)
    i18n (0.6.9)
    minitest (5.3.2)
    multi_json (1.9.2)
    parseconfig (1.0.4)
    pi_piper (1.3.2)
      ffi
    rack (1.5.2)
    rack-protection (1.5.3)
      rack
    simplecov (0.8.2)
      docile (~> 1.1.0)
      multi_json
      simplecov-html (~> 0.8.0)
    simplecov-html (0.8.0)
    sinatra (1.4.5)
      rack (~> 1.4)
      rack-protection (~> 1.4)
      tilt (~> 1.3, >= 1.3.4)
    sinatra-support (1.2.2)
      sinatra (>= 1.0)
    thor (0.19.1)
    tilt (1.4.1)

PLATFORMS
  ruby

DEPENDENCIES
  bcrypt
  codeclimate-test-reporter
  estorm_lotto_gem!
  estorm_lotto_tools
  i18n
  minitest
  multi_json
  pi_piper
  sinatra
  sinatra-support
