PATH
  remote: .
  specs:
    randprize (0.1.3)

GEM
  remote: https://rubygems.org/
  specs:
    codeclimate-test-reporter (0.1.1)
      simplecov (>= 0.7.1, < 1.0.0)
    minitest (4.7.5)
    multi_json (1.8.0)
    simplecov (0.7.1)
      multi_json (~> 1.0)
      simplecov-html (~> 0.7.1)
    simplecov-html (0.7.1)

PLATFORMS
  ruby

DEPENDENCIES
  codeclimate-test-reporter
  minitest
  multi_json
  randprize!
