PATH
  remote: .
  specs:
    estorm_lotto_gem (2.4.1)
      estorm_lotto_tools
      httpclient (~> 2)
      hwid (~> 0.1)
      multi_json (~> 1.9)
      thor (~> 0.19)

GEM
  remote: https://rubygems.org/
  remote: https://n6ojjVsAxpecp7UjaAzD@gem.fury.io/semdinsp/
  specs:
    bcrypt (3.1.10)
    codeclimate-test-reporter (0.4.7)
      simplecov (>= 0.7.1, < 1.0.0)
    docile (1.1.5)
    estorm_lotto_tools (0.3.0)
      parseconfig
      thor
    httpclient (2.6.0.1)
    hwid (0.1.5)
    i18n (0.7.0)
    minitest (5.5.1)
    multi_json (1.11.1)
    parseconfig (1.0.6)
    rack (1.6.0)
    rack-protection (1.5.3)
      rack
    simplecov (0.9.2)
      docile (~> 1.1.0)
      multi_json (~> 1.0)
      simplecov-html (~> 0.9.0)
    simplecov-html (0.9.0)
    sinatra (1.4.6)
      rack (~> 1.4)
      rack-protection (~> 1.4)
      tilt (>= 1.3, < 3)
    sinatra-support (1.2.2)
      sinatra (>= 1.0)
    thor (0.19.1)
    tilt (2.0.1)

PLATFORMS
  ruby

DEPENDENCIES
  bcrypt
  codeclimate-test-reporter
  estorm_lotto_gem!
  estorm_lotto_tools!
  hwid
  i18n
  minitest
  multi_json
  sinatra
  sinatra-support
