PATH
  remote: .
  specs:
    estorm_lotto_gem (3.1.123)
      estorm_lotto_tools (~> 0.3)
      httpclient (~> 2)
      hurley (~> 0.1)
      hwid (~> 0.1)
      mqtt (~> 0.1)
      thor (~> 0.19)

GEM
  remote: https://rubygems.org/
  remote: https://n6ojjVsAxpecp7UjaAzD@gem.fury.io/semdinsp/
  specs:
    bcrypt (3.1.13)
    codeclimate-test-reporter (1.0.9)
      simplecov (<= 0.13)
    concurrent-ruby (1.1.5)
    docile (1.1.5)
    estorm_lotto_tools (0.5.1)
      hurley (~> 0.1)
      hwid (~> 0.2)
      parseconfig (~> 1.0)
      thor (~> 0.19)
    httpclient (2.8.3)
    hurley (0.2)
    hwid (0.3.1)
    i18n (1.6.0)
      concurrent-ruby (~> 1.0)
    json (2.2.0)
    minitest (5.12.0)
    mqtt (0.5.0)
    multi_json (1.13.1)
    mustermann (1.0.3)
    parseconfig (1.0.8)
    rack (2.0.7)
    rack-protection (2.0.7)
      rack
    simplecov (0.13.0)
      docile (~> 1.1.0)
      json (>= 1.8, < 3)
      simplecov-html (~> 0.10.0)
    simplecov-html (0.10.2)
    sinatra (2.0.7)
      mustermann (~> 1.0)
      rack (~> 2.0)
      rack-protection (= 2.0.7)
      tilt (~> 2.0)
    sinatra-support (1.2.2)
      sinatra (>= 1.0)
    thor (0.20.3)
    tilt (2.0.10)

PLATFORMS
  ruby

DEPENDENCIES
  bcrypt
  codeclimate-test-reporter
  estorm_lotto_gem!
  estorm_lotto_tools!
  hwid
  i18n
  minitest
  mqtt
  multi_json
  sinatra
  sinatra-support

BUNDLED WITH
   1.17.3
