PATH
  remote: .
  specs:
    estorm_lotto_gem (0.3.2)
      httpclient
      multi_json
      pi_piper
      thor

GEM
  remote: https://rubygems.org/
  specs:
    codeclimate-test-reporter (0.1.1)
      simplecov (>= 0.7.1, < 1.0.0)
    ffi (1.9.3)
    httpclient (2.3.4.1)
    minitest (5.0.8)
    multi_json (1.8.0)
    pi_piper (1.3.2)
      ffi
    simplecov (0.7.1)
      multi_json (~> 1.0)
      simplecov-html (~> 0.7.1)
    simplecov-html (0.7.1)
    thor (0.18.1)

PLATFORMS
  ruby

DEPENDENCIES
  codeclimate-test-reporter
  estorm_lotto_gem!
  minitest
  multi_json
