PATH
  remote: .
  specs:
    estorm_lotto_gem (0.5.4)
      estorm_lotto_tools
      httpclient
      multi_json
      pi_piper
      thor

GEM
  remote: https://rubygems.org/
  remote: https://n6ojjVsAxpecp7UjaAzD@gem.fury.io/semdinsp/
  specs:
    codeclimate-test-reporter (0.3.0)
      simplecov (>= 0.7.1, < 1.0.0)
    docile (1.1.3)
    estorm_lotto_tools (0.1.7)
      parseconfig
      thor
    ffi (1.9.3)
    httpclient (2.3.4.1)
    minitest (5.3.0)
    multi_json (1.9.0)
    parseconfig (1.0.4)
    pi_piper (1.3.2)
      ffi
    simplecov (0.8.2)
      docile (~> 1.1.0)
      multi_json
      simplecov-html (~> 0.8.0)
    simplecov-html (0.8.0)
    thor (0.18.1)

PLATFORMS
  ruby

DEPENDENCIES
  codeclimate-test-reporter
  estorm_lotto_gem!
  estorm_lotto_tools
  minitest
  multi_json
