PATH
  remote: .
  specs:
    estorm_lotto_gem (3.1.17)
      estorm_lotto_tools (~> 0.3)
      httpclient (~> 2)
      hurley (~> 0.1)
      hwid (~> 0.1)
      mqtt (~> 0.1)
      thor (~> 0.19)

GEM
  remote: https://rubygems.org/
  remote: https://n6ojjVsAxpecp7UjaAzD@gem.fury.io/semdinsp/
  specs:
    bcrypt (3.1.11)
    codeclimate-test-reporter (1.0.8)
      simplecov (<= 0.13)
    docile (1.1.5)
    estorm_lotto_tools (0.4.9)
      hurley (~> 0.1)
      hwid (~> 0.2)
      parseconfig (~> 1.0)
      thor (~> 0.19)
    httpclient (2.8.3)
    hurley (0.2)
    hwid (0.2.0)
    i18n (0.8.6)
    json (2.1.0)
    minitest (5.10.3)
    mqtt (0.5.0)
    multi_json (1.12.1)
    parseconfig (1.0.8)
    rack (1.6.8)
    rack-protection (1.5.3)
      rack
    simplecov (0.13.0)
      docile (~> 1.1.0)
      json (>= 1.8, < 3)
      simplecov-html (~> 0.10.0)
    simplecov-html (0.10.2)
    sinatra (1.4.8)
      rack (~> 1.5)
      rack-protection (~> 1.4)
      tilt (>= 1.3, < 3)
    sinatra-support (1.2.2)
      sinatra (>= 1.0)
    thor (0.20.0)
    tilt (2.0.8)

PLATFORMS
  ruby

DEPENDENCIES
  bcrypt
  codeclimate-test-reporter
  estorm_lotto_gem!
  estorm_lotto_tools!
  hwid
  i18n
  minitest
  mqtt
  multi_json
  sinatra
  sinatra-support

BUNDLED WITH
   1.15.4
