GIT
  remote: https://github.com/semdinsp/estorm_lotto_tools.git
  revision: dae98c2538e01052784e2154e1f9b8db51194e02
  specs:
    estorm_lotto_tools (0.5.3)
      hurley (~> 0.1)
      hwid (~> 0.2)
      parseconfig (~> 1.0)
      thor (~> 1.0)

PATH
  remote: .
  specs:
    estorm_lotto_gem (3.1.139)
      estorm_lotto_tools (~> 0.5.2)
      httpclient (~> 2)
      hurley (~> 0.1)
      hwid (~> 0.1)
      mqtt (~> 0.1)
      thor (~> 1.0)

GEM
  remote: https://rubygems.org/
  specs:
    base64 (0.2.0)
    bcrypt (3.1.20)
    codeclimate-test-reporter (1.0.9)
      simplecov (<= 0.13)
    concurrent-ruby (1.2.3)
    docile (1.1.5)
    httpclient (2.8.3)
    hurley (0.2)
    hwid (0.4.5)
    i18n (1.14.4)
      concurrent-ruby (~> 1.0)
    json (2.7.2)
    minitest (5.22.3)
    mqtt (0.6.0)
    multi_json (1.15.0)
    mustermann (3.0.0)
      ruby2_keywords (~> 0.0.1)
    parseconfig (1.1.2)
    rack (3.0.10)
    rack-protection (4.0.0)
      base64 (>= 0.1.0)
      rack (>= 3.0.0, < 4)
    rack-session (2.0.0)
      rack (>= 3.0.0)
    ruby2_keywords (0.0.5)
    simplecov (0.13.0)
      docile (~> 1.1.0)
      json (>= 1.8, < 3)
      simplecov-html (~> 0.10.0)
    simplecov-html (0.10.2)
    sinatra (4.0.0)
      mustermann (~> 3.0)
      rack (>= 3.0.0, < 4)
      rack-protection (= 4.0.0)
      rack-session (>= 2.0.0, < 3)
      tilt (~> 2.0)
    sinatra-support (1.2.2)
      sinatra (>= 1.0)
    thor (1.3.1)
    tilt (2.3.0)

PLATFORMS
  arm64-darwin-23
  ruby

DEPENDENCIES
  bcrypt (~> 3.1.12)
  codeclimate-test-reporter
  estorm_lotto_gem!
  estorm_lotto_tools!
  hwid
  i18n
  minitest
  mqtt
  multi_json
  sinatra
  sinatra-support

BUNDLED WITH
   2.5.3
